PATH
  remote: .
  specs:
    toml-rb (2.0.1)
      citrus (~> 3.0, > 3.0)

GEM
  remote: https://rubygems.org/
  specs:
    citrus (3.0.2)
    minitest (5.14.4)

PLATFORMS
  x86_64-darwin-20

DEPENDENCIES
  minitest (~> 5.7)
  toml-rb!

BUNDLED WITH
   2.2.17
